GEM
  remote: https://rubygems.org/
  specs:
    aws-sdk (2.6.35)
      aws-sdk-resources (= 2.6.35)
    aws-sdk-core (2.6.35)
      aws-sigv4 (~> 1.0)
      jmespath (~> 1.0)
    aws-sdk-resources (2.6.35)
      aws-sdk-core (= 2.6.35)
    aws-sigv4 (1.0.0)
    concurrent-ruby (1.0.2)
    jmespath (1.3.1)
    thor (0.19.4)

PLATFORMS
  ruby

DEPENDENCIES
  aws-sdk
  concurrent-ruby
  thor

BUNDLED WITH
   1.12.5
